GEM
  remote: http://rubygems.org/
  specs:
    chronic (0.9.1)
    htmltools (1.10)
    icalendar (1.2.3)
    mini_portile2 (2.4.0)
    nokogiri (1.10.4)
      mini_portile2 (~> 2.4.0)
    rubyful_soup (1.0.4)
      htmltools (> 0.0.0)
    simple-rss (1.2.3)
    xmpp4r (0.5)
    xmpp4r-simple-19 (1.0.0)
      xmpp4r (>= 0.3.2)

PLATFORMS
  ruby

DEPENDENCIES
  chronic
  icalendar
  nokogiri
  rubyful_soup
  simple-rss
  xmpp4r
  xmpp4r-simple-19

BUNDLED WITH
   1.16.2
